GEM
  remote: https://rubygems.org/
  specs:
    bech32 (1.4.2)
      thor (>= 1.1.0)
    bigdecimal (3.1.8)
    bip-schnorr (0.7.0)
      ecdsa_ext (~> 0.5.0)
    coderay (1.1.3)
    csv (3.3.0)
    dotenv (3.1.4)
    ecdsa (1.2.0)
    ecdsa_ext (0.5.1)
      ecdsa (~> 1.2.0)
    event_emitter (0.2.6)
    eventmachine (1.2.7)
    faye-websocket (0.11.3)
      eventmachine (>= 0.12.0)
      websocket-driver (>= 0.5.1)
    httparty (0.22.0)
      csv
      mini_mime (>= 1.0.0)
      multi_xml (>= 0.5.2)
    json (2.7.2)
    method_source (1.1.0)
    mini_mime (1.1.5)
    multi_xml (0.7.1)
      bigdecimal (~> 3.1)
    nostr (0.7.0)
      bech32 (~> 1.4)
      bip-schnorr (~> 0.7)
      ecdsa (~> 1.2)
      event_emitter (~> 0.2)
      faye-websocket (~> 0.11)
      json (~> 2.7)
    pry (0.14.2)
      coderay (~> 1.1)
      method_source (~> 1.0)
    thor (1.3.2)
    websocket-driver (0.7.6)
      websocket-extensions (>= 0.1.0)
    websocket-extensions (0.1.5)

PLATFORMS
  arm64-darwin-23
  ruby

DEPENDENCIES
  dotenv
  httparty
  nostr
  pry

BUNDLED WITH
   2.5.16
